GEM
  remote: https://rubygems.org/
  specs:
    cgi (0.4.1)
    erb (4.0.4)
      cgi (>= 0.3.3)
    fileutils (1.7.2)
    open3 (0.2.1)

PLATFORMS
  arm64-darwin-22
  arm64-darwin-23
  ruby

DEPENDENCIES
  erb
  fileutils
  open3

BUNDLED WITH
   2.5.5
